GEM
  remote: https://rubygems.org/
  specs:
    hashie (3.6.0)
    kp_api (0.10.2)
      hashie (>= 2.0)
    mustermann (1.0.3)
    rack (2.0.6)
    rack-protection (2.0.4)
      rack
    sequel (5.14.0)
    sinatra (2.0.4)
      mustermann (~> 1.0)
      rack (~> 2.0)
      rack-protection (= 2.0.4)
      tilt (~> 2.0)
    thor (0.20.3)
    tilt (2.0.8)
    unicode (0.4.4.4)

PLATFORMS
  ruby

DEPENDENCIES
  kp_api
  sequel
  sinatra (>= 1.4.7)
  thor
  unicode (>= 0.4.4.2)

RUBY VERSION
   ruby 2.5.1p57

BUNDLED WITH
   1.16.5
